PATH
  remote: vendor/gems/activerecord-jdbc-adapter-0.9.7
  specs:
    activerecord-jdbc-adapter (0.9.7)

PATH
  remote: vendor/gems/racc-1.4.5
  specs:
    racc (1.4.5)

PATH
  remote: vendor/gems/ruby-net-ldap-SNAPSHOT-0.0.4
  specs:
    ruby-net-ldap-SNAPSHOT (0.0.4)

GEM
  remote: https://rubygems.org/
  specs:
    RedCloth (3.0.4)
    actionmailer (2.3.18)
      actionpack (= 2.3.18)
    actionpack (2.3.18)
      activesupport (= 2.3.18)
      rack (~> 1.1.0)
    activerecord (2.3.18)
      activesupport (= 2.3.18)
    activerecord_partitioning (0.1.3)
      activerecord (= 2.3.18)
    activeresource (2.3.18)
      activesupport (= 2.3.18)
    activesupport (2.3.18)
    addressable (2.2.7)
    api-auth (1.0.3)
    aws-sdk (1.66.0)
      aws-sdk-v1 (= 1.66.0)
    aws-sdk-v1 (1.66.0)
      json (~> 1.4)
      nokogiri (>= 1.4.4)
    bourbon (3.1.8)
      sass (>= 3.2.0)
      thor
    builder (3.2.2)
    bundle-audit (0.1.0)
      bundler-audit
    bundler-audit (0.6.0)
      bundler (~> 1.2)
      thor (~> 0.18)
    chunky_png (1.3.0)
    ci_reporter (1.9.1)
      builder (>= 2.1.2)
    coderay (1.0.9)
    compass (0.12.3)
      chunky_png (~> 1.2)
      fssm (>= 0.2.7)
      sass (= 3.2.14)
    compass-rails (1.1.6)
      compass (>= 0.12.2)
    crack (0.4.3)
      safe_yaml (~> 1.0.0)
    elasticsearch (6.0.1)
      elasticsearch-api (= 6.0.1)
      elasticsearch-transport (= 6.0.1)
    elasticsearch-api (6.0.1)
      multi_json
    elasticsearch-transport (6.0.1)
      faraday
      multi_json
    erubis (2.7.0)
    faraday (0.14.0)
      multipart-post (>= 1.2, < 3)
    feature_toggle (0.0.3)
    ffi (1.9.10-java)
    file_column_with_s3 (0.1.9)
      mingle-storage (~> 0.0.11)
      rails (~> 2.3.8)
    firebase_token_generator (2.0.0)
    fssm (0.2.10)
    hike (1.2.3)
    histogram (0.2.1.4)
    hoe (3.15.0)
      rake (>= 0.8, < 12.0)
    honeybadger (1.16.5)
      json
    httparty (0.11.0)
      multi_json (~> 1.0)
      multi_xml (>= 0.5.2)
    jmx4r (0.1.4)
    jruby-jars (1.7.25)
    jruby-openssl (0.9.21-java)
    jruby-rack (1.1.20)
    json (1.8.3-java)
    jvyaml (0.0.1)
    log4j (0.1.0)
    method_source (0.8.2)
    mime-types (1.25.1)
    mingle-configuration (0.1.4-java)
      mingle_keyvalue_store (~> 0.1.9)
    mingle-storage (0.0.13)
      aws-sdk-v1
    mingle_keyvalue_store (0.1.9)
      aws-sdk (~> 1.11, >= 1.11.3)
    mingle_macro_models (1.3.4)
    mixpanel-ruby (1.0.1)
    mocha (0.9.7)
      rake
    multi_json (1.10.1)
    multi_xml (0.5.5)
    multipart-post (2.0.0)
    net-ssh (2.9.4)
    nokogiri (1.6.7.2-java)
    open4 (1.3.3)
    open5 (0.2)
      open4
    pry (0.9.12-java)
      coderay (~> 1.0.5)
      method_source (~> 0.8)
      slop (~> 3.4)
      spoon (~> 0.0)
    pry-nav (0.2.4)
      pry (>= 0.9.10, < 0.11.0)
    rabl (0.13.1)
      activesupport (>= 2.3.14)
    rack (1.1.6)
    rack-rewrite (1.5.1)
    rails (2.3.18)
      actionmailer (= 2.3.18)
      actionpack (= 2.3.18)
      activerecord (= 2.3.18)
      activeresource (= 2.3.18)
      activesupport (= 2.3.18)
      rake (>= 0.8.3)
    rails2_rubygems2_compatibility (0.0.2)
      rails (~> 2.3.0)
    rails_xss (0.5.1)
      erubis (>= 2.6.5)
    rake (10.3.1)
    rdoc (2.4.2)
    retryable (1.3.5)
    ruby-debug-base (0.10.6-java)
    ruby-debug-ide (0.6.0)
      rake (>= 0.8.1)
    rubyzip (0.9.9)
    safe_yaml (1.0.4)
    sampling_prof (0.4.8)
    sass (3.2.14)
    selenium-rc-latest (2.53.0)
    slop (3.6.0)
    spoon (0.0.4)
      ffi
    sprockets (2.11.0)
      hike (~> 1.2)
      multi_json (~> 1.0)
      rack (~> 1.0)
      tilt (~> 1.1, != 1.3.0)
    sprockets-sass (1.0.3)
      sprockets (~> 2.0)
      tilt (~> 1.1)
    spymemcached.jruby (1.0.16-java)
    stringex (2.8.2)
    susy (1.0.9)
      compass (>= 0.12.2)
      sass (>= 3.2.0)
    test-unit (1.2.3)
      hoe (>= 1.5.1)
    thor (0.19.1)
    tilt (1.4.1)
    timecop (0.6.1)
    tlb-core (0.3.3)
      open5 (>= 0.2)
      rake
    tlb-testunit89 (0.3.4-java)
      rake
      test-unit (> 0, < 2.4)
      tlb-core (= 0.3.3)
    validatable (1.6.7)
    warbler (1.4.9)
      jruby-jars (>= 1.5.6, < 2.0)
      jruby-rack (>= 1.1.1, < 1.3)
      rake (>= 0.9.6)
      rubyzip (>= 0.9, < 1.2)
    webmock (1.16.1)
      addressable (>= 2.2.7)
      crack (>= 0.3.2)
    will_paginate (2.3.16)
    wuparty (1.2.6)
      httparty (>= 0.6.1)
      mime-types (~> 1.16)
      multipart-post (>= 1.0.1)
    xmpp4r (0.4)

PLATFORMS
  java

DEPENDENCIES
  RedCloth (= 3.0.4)
  activerecord-jdbc-adapter (= 0.9.7)!
  activerecord_partitioning
  addressable (= 2.2.7)
  api-auth (~> 1.0.3)
  aws-sdk
  bourbon
  bundle-audit
  ci_reporter
  compass-rails
  elasticsearch
  erubis (~> 2.7.0)
  feature_toggle (~> 0.0.2)
  file_column_with_s3 (~> 0.1.9)
  firebase_token_generator
  histogram
  honeybadger
  httparty (~> 0.11.0)
  jmx4r
  jruby-jars (= 1.7.25)
  jruby-openssl (= 0.9.21)
  jruby-rack (= 1.1.20)
  json
  jvyaml (~> 0.0.1)
  log4j (= 0.1.0)
  mingle-configuration (~> 0.1.4)
  mingle-storage (~> 0.0.13)
  mingle_keyvalue_store
  mingle_macro_models (= 1.3.4)
  mixpanel-ruby (= 1.0.1)
  mocha (= 0.9.7)
  net-ssh (~> 2.9)
  pry
  pry-nav
  rabl (~> 0.13.1)
  racc (= 1.4.5)!
  rack (~> 1.1.3)
  rack-rewrite
  rails (= 2.3.18)
  rails2_rubygems2_compatibility
  rails_xss
  rake
  rdoc (= 2.4.2)
  retryable
  ruby-debug-base
  ruby-debug-ide (= 0.6.0)
  ruby-net-ldap-SNAPSHOT (= 0.0.4)!
  rubyzip (= 0.9.9)
  sampling_prof
  sass
  selenium-rc-latest
  sprockets (~> 2.0)
  sprockets-sass
  spymemcached.jruby
  stringex (= 2.8.2)
  susy
  test-unit (= 1.2.3)
  timecop (= 0.6.1)
  tlb-core
  tlb-testunit89 (= 0.3.4)
  validatable (= 1.6.7)
  warbler (~> 1.4.9)
  webmock (= 1.16.1)
  will_paginate (~> 2.3.16)
  wuparty (~> 1.2.6)
  xmpp4r (= 0.4)

BUNDLED WITH
   1.16.1
